PATH
  remote: .
  specs:
    metricity (0.0.1)

GEM
  remote: https://rubygems.org/
  specs:
    minitest (5.3.3)
    rake (10.3.1)

PLATFORMS
  ruby

DEPENDENCIES
  bundler (~> 1.6)
  metricity!
  minitest
  rake
